GEM
  remote: https://rubygems.org/
  specs:
    coderay (1.1.2)
    json (2.1.0)
    method_source (0.9.0)
    pry (0.11.3)
      coderay (~> 1.1.0)
      method_source (~> 0.9.0)
    pry-doc (0.13.3)
      pry (~> 0.11)
      yard (~> 0.9.11)
    yard (0.9.12)

PLATFORMS
  ruby

DEPENDENCIES
  json
  method_source (>= 0.8.2)
  pry
  pry-doc (>= 0.6.0)

BUNDLED WITH
   1.16.1
