GEM
  remote: https://rubygems.org/
  specs:
    coderay (1.1.1)
    json (1.8.3)
    method_source (0.8.2)
    pry (0.10.3)
      coderay (~> 1.1.0)
      method_source (~> 0.8.1)
      slop (~> 3.4)
    pry-doc (0.9.0)
      pry (~> 0.9)
      yard (~> 0.8)
    slop (3.6.0)
    yard (0.9.0)

PLATFORMS
  ruby

DEPENDENCIES
  json
  method_source (>= 0.8.2)
  pry
  pry-doc (>= 0.6.0)

BUNDLED WITH
   1.12.5
